GEM
  remote: https://rubygems.org/
  specs:
    addressable (2.2.7)
    chunky_png (1.2.5)
    coffee-script (2.2.0)
      coffee-script-source
      execjs
    coffee-script-source (1.2.0)
    compass (0.12.1)
      chunky_png (~> 1.2)
      fssm (>= 0.2.7)
      sass (~> 3.1)
    em-websocket (0.3.6)
      addressable (>= 2.1.1)
      eventmachine (>= 0.12.9)
    eventmachine (0.12.10)
    execjs (1.3.0)
      multi_json (~> 1.0)
    ffi (1.0.11)
    fssm (0.2.8.1)
    guard (0.10.0)
      ffi (>= 0.5.0)
      thor (~> 0.14.6)
    guard-bundler (0.1.3)
      bundler (>= 1.0.0)
      guard (>= 0.2.2)
    guard-coffeescript (0.5.6)
      coffee-script (>= 2.2.0)
      guard (>= 0.8.3)
    guard-compass (0.0.6)
      compass (>= 0.10.5)
      guard (>= 0.2.1)
    guard-livereload (0.4.2)
      em-websocket (>= 0.2.0)
      guard (>= 0.10.0)
      multi_json (~> 1.0)
    guard-webrick (0.1.0)
      ffi (~> 1.0.7)
      guard (~> 0.3)
      spoon (~> 0.0.1)
    haml (3.1.4)
    multi_json (1.1.0)
    sass (3.1.15)
    sassy-buttons (0.1.0)
      compass (>= 0.12.1)
    spoon (0.0.1)
    thor (0.14.6)
    webrick (1.3.1)

PLATFORMS
  ruby

DEPENDENCIES
  bundler
  coffee-script
  compass
  guard
  guard-bundler
  guard-coffeescript
  guard-compass
  guard-livereload
  guard-webrick
  haml
  sass
  sassy-buttons
  webrick
